GEM
  remote: https://rubygems.org/
  specs:
    rack (2.0.6)

PLATFORMS
  ruby

DEPENDENCIES
  rack (>= 1.6.11)

BUNDLED WITH
   1.16.6
