GEM
  remote: https://rubygems.org/
  specs:
    rack (2.0.8)

PLATFORMS
  ruby

DEPENDENCIES
  rack (>= 1.6.12)

BUNDLED WITH
   1.17.3
